GIT
  remote: git@github.com:jcxplorer/snowfinch-collector.git
  revision: 01537eed0ca1ba15dd9cda97411ac0ada24dbce7
  specs:
    snowfinch-collector (0.3.0)
      bson_ext
      mongo
      rack
      radix62
      tzinfo

GIT
  remote: git@github.com:kiskolabs/kisko-compass.git
  revision: bd9fc531d8e435af0bc7cc9eeda0bfcae077df75
  specs:
    kisko-compass (0.1.1)
      compass

GEM
  remote: http://rubygems.org/
  specs:
    ZenTest (4.5.0)
    abstract (1.0.0)
    actionmailer (3.0.5)
      actionpack (= 3.0.5)
      mail (~> 2.2.15)
    actionpack (3.0.5)
      activemodel (= 3.0.5)
      activesupport (= 3.0.5)
      builder (~> 2.1.2)
      erubis (~> 2.6.6)
      i18n (~> 0.4)
      rack (~> 1.2.1)
      rack-mount (~> 0.6.13)
      rack-test (~> 0.5.7)
      tzinfo (~> 0.3.23)
    activemodel (3.0.5)
      activesupport (= 3.0.5)
      builder (~> 2.1.2)
      i18n (~> 0.4)
    activerecord (3.0.5)
      activemodel (= 3.0.5)
      activesupport (= 3.0.5)
      arel (~> 2.0.2)
      tzinfo (~> 0.3.23)
    activeresource (3.0.5)
      activemodel (= 3.0.5)
      activesupport (= 3.0.5)
    activesupport (3.0.5)
    arel (2.0.9)
    autotest (4.4.6)
      ZenTest (>= 4.4.1)
    autotest-growl (0.2.9)
    bcrypt-ruby (2.1.4)
    bson (1.2.4)
    bson_ext (1.2.4)
    builder (2.1.2)
    capybara (0.4.1.2)
      celerity (>= 0.7.9)
      culerity (>= 0.2.4)
      mime-types (>= 1.16)
      nokogiri (>= 1.3.3)
      rack (>= 1.0.0)
      rack-test (>= 0.5.4)
      selenium-webdriver (>= 0.0.27)
      xpath (~> 0.1.3)
    celerity (0.8.8)
    chalofa_ruby-progressbar (0.0.9.1)
    childprocess (0.1.7)
      ffi (~> 0.6.3)
    compass (0.10.6)
      haml (>= 3.0.4)
    configuration (1.2.0)
    culerity (0.2.15)
    devise (1.1.8)
      bcrypt-ruby (~> 2.1.2)
      warden (~> 1.0.2)
    diff-lcs (1.1.2)
    email_spec (1.1.1)
      rspec (~> 2.0)
    erubis (2.6.6)
      abstract (>= 1.0.0)
    factory_girl (2.0.0.beta2)
    factory_girl_rails (1.1.beta1)
      factory_girl (~> 2.0.0.beta)
      rails (>= 3.0.0)
    ffi (0.6.3)
      rake (>= 0.8.7)
    fuubar (0.0.4)
      chalofa_ruby-progressbar (~> 0.0.9)
      rspec (~> 2.0)
      rspec-instafail (~> 0.1.4)
    haml (3.0.25)
    i18n (0.5.0)
    json_pure (1.5.1)
    launchy (0.4.0)
      configuration (>= 0.0.5)
      rake (>= 0.8.1)
    mail (2.2.15)
      activesupport (>= 2.3.6)
      i18n (>= 0.4.0)
      mime-types (~> 1.16)
      treetop (~> 1.4.8)
    mime-types (1.16)
    mongo (1.2.4)
      bson (>= 1.2.4)
    nokogiri (1.4.4)
    pg (0.10.1)
    polyglot (0.3.1)
    rack (1.2.2)
    rack-mount (0.6.13)
      rack (>= 1.0.0)
    rack-test (0.5.7)
      rack (>= 1.0)
    radix62 (0.1.0)
    rails (3.0.5)
      actionmailer (= 3.0.5)
      actionpack (= 3.0.5)
      activerecord (= 3.0.5)
      activeresource (= 3.0.5)
      activesupport (= 3.0.5)
      bundler (~> 1.0)
      railties (= 3.0.5)
    railties (3.0.5)
      actionpack (= 3.0.5)
      activesupport (= 3.0.5)
      rake (>= 0.8.7)
      thor (~> 0.14.4)
    rake (0.8.7)
    rspec (2.5.0)
      rspec-core (~> 2.5.0)
      rspec-expectations (~> 2.5.0)
      rspec-mocks (~> 2.5.0)
    rspec-core (2.5.1)
    rspec-expectations (2.5.0)
      diff-lcs (~> 1.1.2)
    rspec-instafail (0.1.7)
    rspec-mocks (2.5.0)
    rspec-rails (2.5.0)
      actionpack (~> 3.0)
      activesupport (~> 3.0)
      railties (~> 3.0)
      rspec (~> 2.5.0)
    rubyzip (0.9.4)
    selenium-webdriver (0.1.3)
      childprocess (~> 0.1.5)
      ffi (~> 0.6.3)
      json_pure
      rubyzip
    shoulda-matchers (1.0.0.beta1)
    simple_form (1.3.1)
    spork (0.9.0.rc4)
    sqlite3 (1.3.3)
    sqlite3-ruby (1.3.3)
      sqlite3 (>= 1.3.3)
    steak (1.1.0)
      rspec (>= 1.3)
    thor (0.14.6)
    timecop (0.3.5)
    treetop (1.4.9)
      polyglot (>= 0.3.1)
    tzinfo (0.3.25)
    warden (1.0.3)
      rack (>= 1.0.0)
    xpath (0.1.3)
      nokogiri (~> 1.3)

PLATFORMS
  ruby

DEPENDENCIES
  autotest
  autotest-growl
  bson_ext
  capybara
  devise
  email_spec
  factory_girl_rails (>= 1.1.beta1)
  fuubar
  haml
  kisko-compass!
  launchy
  mongo
  pg
  rails (= 3.0.5)
  rspec-rails
  shoulda-matchers
  simple_form
  snowfinch-collector!
  spork (~> 0.9.0.rc)
  sqlite3-ruby
  steak
  timecop
